PATH
  remote: .
  specs:
    simple_calculator (0.1.0)

GEM
  remote: https://rubygems.org/
  specs:
    cmath (1.0.0)
    diff-lcs (1.5.1)
    matrix (0.4.2)
    rake (10.5.0)
    rspec (3.13.0)
      rspec-core (~> 3.13.0)
      rspec-expectations (~> 3.13.0)
      rspec-mocks (~> 3.13.0)
    rspec-core (3.13.0)
      rspec-support (~> 3.13.0)
    rspec-expectations (3.13.0)
      diff-lcs (>= 1.2.0, < 2.0)
      rspec-support (~> 3.13.0)
    rspec-mocks (3.13.0)
      diff-lcs (>= 1.2.0, < 2.0)
      rspec-support (~> 3.13.0)
    rspec-support (3.13.1)

PLATFORMS
  ruby

DEPENDENCIES
  bundler (~> 1.17)
  cmath
  matrix
  rake (~> 10.0)
  rspec (~> 3.0)
  simple_calculator!

BUNDLED WITH
   1.17.3
